GEM
  remote: https://rubygems.org/
  specs:
    finagle-thrift (1.4.2)
      thrift (~> 0.9.3)
    thrift (0.9.3.0)
    thrift_client (0.9.3)
      thrift (~> 0.9.0)

PLATFORMS
  ruby

DEPENDENCIES
  finagle-thrift
  thrift_client

BUNDLED WITH
   1.17.1
